GEM
  remote: https://rubygems.org/
  specs:
    coderay (1.1.3)
    design-quotes (0.0.4)
      htmlentities
      rest-client
    domain_name (0.5.20190701)
      unf (>= 0.0.5, < 1.0.0)
    htmlentities (4.3.4)
    http-accept (1.7.0)
    http-cookie (1.0.3)
      domain_name (~> 0.5)
    method_source (1.0.0)
    mime-types (3.3.1)
      mime-types-data (~> 3.2015)
    mime-types-data (3.2021.0225)
    netrc (0.11.0)
    nokogiri (1.11.2-x86_64-linux)
      racc (~> 1.4)
    open-uri (0.1.0)
    pry (0.14.0)
      coderay (~> 1.1)
      method_source (~> 1.0)
    racc (1.5.2)
    rest-client (2.1.0)
      http-accept (>= 1.7.0, < 2.0)
      http-cookie (>= 1.0.2, < 2.0)
      mime-types (>= 1.16, < 4.0)
      netrc (~> 0.8)
    unf (0.1.4)
      unf_ext
    unf_ext (0.0.7.7)

PLATFORMS
  x86_64-linux

DEPENDENCIES
  design-quotes (~> 0.0.4)
  nokogiri
  open-uri
  pry

BUNDLED WITH
   2.2.11
